GEM
  remote: https://rubygems.org/
  specs:
    adsf (1.2.0)
      rack (>= 1.0.0)
    colored (1.2)
    cri (2.6.1)
      colored (~> 1.2)
    kramdown (1.6.0)
    nanoc (3.7.5)
      cri (~> 2.3)
    rack (1.6.0)
    sass (3.4.13)

PLATFORMS
  ruby

DEPENDENCIES
  adsf
  kramdown
  nanoc
  sass
